GEM
  specs:
    highline (1.6.21)
    json (1.8.3)
    mime-types (1.25.1)
    rainbow (2.1.0)
    rest-client (1.6.9)
      mime-types (~> 1.16)

PLATFORMS
  ruby

DEPENDENCIES
  highline
  json
  rainbow
  rest-client

BUNDLED WITH
   1.11.2
